PATH
  remote: .
  specs:
    blackdex (0.1.0)

GEM
  remote: https://rubygems.org/
  specs:
    httparty (0.21.0)
      mini_mime (>= 1.0.0)
      multi_xml (>= 0.5.2)
    mini_mime (1.1.2)
    multi_xml (0.6.0)
    rake (12.3.3)

PLATFORMS
  ruby

DEPENDENCIES
  blackdex!
  httparty (~> 0.21.0)
  rake (~> 12.0)

BUNDLED WITH
   2.1.4
